GEM
  remote: https://gems.airbnb.com/
  remote: http://rubygems.org/
  specs:
    libxml-ruby (2.2.2)
    rake (0.8.7)
    rcov (0.9.11)
    right_http_connection (1.3.1)
    uuidtools (1.0.7)

PLATFORMS
  ruby

DEPENDENCIES
  libxml-ruby (~> 2.2.2)
  rake
  rcov (~> 0.9.9)
  right_http_connection (= 1.3.1)
  uuidtools (~> 1.0.7)
